GEM
  remote: https://rubygems.org/
  specs:
    gosu (1.4.3)
    minigl (2.4.0)
      gosu (>= 0.11, < 2.0)

PLATFORMS
  x86_64-darwin-21

DEPENDENCIES
  minigl

BUNDLED WITH
   2.3.11
